GEM
  remote: http://rubygems.org/
  specs:
    columnize (0.3.3)
    crack (0.1.8)
    git (1.2.5)
    httparty (0.7.8)
      crack (= 0.1.8)
    jeweler (1.6.2)
      bundler (~> 1.0)
      git (>= 1.2.5)
      rake
    linecache (0.46)
      rbx-require-relative (> 0.0.4)
    minitest (2.2.2)
    mocha (0.9.12)
    nokogiri (1.5.0)
    rake (0.9.0)
    rbx-require-relative (0.0.5)
    rcov (0.9.9)
    ruby-debug (0.10.4)
      columnize (>= 0.1)
      ruby-debug-base (~> 0.10.4.0)
    ruby-debug-base (0.10.4)
      linecache (>= 0.3)

PLATFORMS
  ruby

DEPENDENCIES
  bundler (~> 1.0.0)
  httparty (~> 0.7.8)
  jeweler (~> 1.6.2)
  minitest
  mocha
  nokogiri (~> 1.5.0)
  rcov
  ruby-debug
