GEM
  remote: http://rubygems.org/
  specs:
    activesupport (3.1.0.rc1)
      multi_json (~> 1.0)
    coderay (0.9.8)
    crack (0.1.8)
    git (1.2.5)
    httparty (0.7.8)
      crack (= 0.1.8)
    jeweler (1.6.2)
      bundler (~> 1.0)
      git (>= 1.2.5)
      rake
    method_source (0.6.5)
      ruby_parser (>= 2.0.5)
    minitest (2.2.2)
    mocha (0.9.12)
    multi_json (1.0.3)
    nokogiri (1.5.0)
    pry (0.9.6)
      coderay (>= 0.9.8)
      method_source (>= 0.6.5)
      ruby_parser (>= 2.0.5)
      slop (~> 2.1.0)
    rake (0.9.0)
    rcov (0.9.9)
    ruby_parser (2.3.0)
      sexp_processor (~> 3.0)
    sexp_processor (3.0.6)
    slop (2.1.0)

PLATFORMS
  ruby

DEPENDENCIES
  activesupport (>= 3.1.0.rc1)
  bundler (~> 1.0.0)
  httparty (~> 0.7.8)
  jeweler (~> 1.6.2)
  minitest
  mocha
  nokogiri (~> 1.5.0)
  pry
  rcov
