PATH
  remote: .
  specs:
    elibri_api_client (1.1.17)
      activesupport (>= 2.3.5)
      elibri_onix (>= 0.1.11)
      httparty (>= 0.8.1)
      nokogiri (>= 1.5.0)

GEM
  remote: https://rubygems.org/
  specs:
    activesupport (3.2.17)
      i18n (~> 0.6, >= 0.6.4)
      multi_json (~> 1.0)
    coderay (1.0.6)
    elibri_onix (0.2.14)
      activesupport (>= 2.3.5)
      elibri_onix_dict (>= 0.0.5)
      i18n
      nokogiri
    elibri_onix_dict (0.0.24)
    git (1.2.5)
    httparty (0.11.0)
      multi_json (~> 1.0)
      multi_xml (>= 0.5.2)
    i18n (0.6.11)
    jeweler (1.6.4)
      bundler (~> 1.0)
      git (>= 1.2.5)
      rake
    json (1.7.6)
    json (1.7.6-java)
    metaclass (0.0.1)
    method_source (0.7.1)
    mini_portile (0.6.0)
    minitest (3.0.0)
    mocha (0.11.4)
      metaclass (~> 0.0.1)
    multi_json (1.10.1)
    multi_xml (0.5.5)
    nokogiri (1.6.3.1)
      mini_portile (= 0.6.0)
    nokogiri (1.6.3.1-java)
    pry (0.9.9.6)
      coderay (~> 1.0.5)
      method_source (~> 0.7.1)
      slop (>= 2.4.4, < 3)
    pry (0.9.9.6-java)
      coderay (~> 1.0.5)
      method_source (~> 0.7.1)
      slop (>= 2.4.4, < 3)
      spoon (~> 0.0)
    rake (13.0.1)
    rdoc (3.12)
      json (~> 1.4)
    slop (2.4.4)
    spoon (0.0.1)

PLATFORMS
  java
  ruby

DEPENDENCIES
  bundler
  elibri_api_client!
  jeweler (>= 1.6.2)
  minitest
  mocha
  pry
  rdoc
