PATH
  remote: .
  specs:
    elibri_api_client (1.1.8)
      activesupport (>= 2.3.5)
      elibri_onix (>= 0.1.11)
      httparty (= 0.8.1)
      nokogiri (~> 1.5.0)

GEM
  remote: https://rubygems.org/
  specs:
    activesupport (3.2.3)
      i18n (~> 0.6)
      multi_json (~> 1.0)
    coderay (1.0.6)
    elibri_onix (0.1.17)
      activesupport (>= 2.3.5)
      elibri_onix_dict (>= 0.0.5)
      i18n
      roxml (= 3.1.3)
    elibri_onix_dict (0.0.13)
    git (1.2.5)
    httparty (0.8.1)
      multi_json
      multi_xml
    i18n (0.6.0)
    jeweler (1.6.4)
      bundler (~> 1.0)
      git (>= 1.2.5)
      rake
    metaclass (0.0.1)
    method_source (0.7.1)
    minitest (3.0.0)
    mocha (0.11.4)
      metaclass (~> 0.0.1)
    multi_json (1.3.4)
    multi_xml (0.5.1)
    nokogiri (1.5.2)
    pry (0.9.9.6)
      coderay (~> 1.0.5)
      method_source (~> 0.7.1)
      slop (>= 2.4.4, < 3)
    rake (0.9.2.2)
    rcov (1.0.0)
    roxml (3.1.3)
      activesupport (>= 2.1.0)
      nokogiri (>= 1.3.3)
    slop (2.4.4)

PLATFORMS
  ruby

DEPENDENCIES
  bundler
  elibri_api_client!
  jeweler (~> 1.6.2)
  minitest
  mocha
  pry
  rcov
